GEM
  remote: https://rubygems.org/
  specs:
    coderay (1.0.8)
    columnize (0.3.6)
    debugger (1.3.1)
      columnize (>= 0.3.1)
      debugger-linecache (~> 1.1.1)
      debugger-ruby_core_source (~> 1.1.8)
    debugger-linecache (1.1.2)
      debugger-ruby_core_source (>= 1.1.1)
    debugger-ruby_core_source (1.1.8)
    method_source (0.8.1)
    pry (0.9.12)
      coderay (~> 1.0.5)
      method_source (~> 0.8)
      slop (~> 3.4)
    pry-remote (0.1.6)
      pry (~> 0.9)
      slop (~> 3.0)
    rack (1.5.2)
    rack-protection (1.3.2)
      rack
    sinatra (1.3.4)
      rack (~> 1.4)
      rack-protection (~> 1.3)
      tilt (~> 1.3, >= 1.3.3)
    slop (3.4.3)
    tilt (1.3.3)

PLATFORMS
  ruby

DEPENDENCIES
  debugger
  pry
  pry-remote
  sinatra
